GEM
  remote: https://rubygems.org/
  specs:
    activesupport (5.2.4.3)
      concurrent-ruby (~> 1.0, >= 1.0.2)
      i18n (>= 0.7, < 2)
      minitest (~> 5.1)
      tzinfo (~> 1.1)
    algoliasearch (1.12.4)
      httpclient (~> 2.8.2.4)
      json (>= 1.5.1)
    coderay (1.1.1)
    concurrent-ruby (1.1.6)
    damerau-levenshtein (1.2.0)
    httpclient (2.8.2.4)
    i18n (1.8.3)
      concurrent-ruby (~> 1.0)
    json (2.0.2)
    method_source (0.8.2)
    minitest (5.14.1)
    pry (0.10.4)
      coderay (~> 1.1.0)
      method_source (~> 0.8.1)
      slop (~> 3.4)
    slop (3.6.0)
    thread_safe (0.3.6)
    tzinfo (1.2.7)
      thread_safe (~> 0.1)

PLATFORMS
  ruby

DEPENDENCIES
  activesupport
  algoliasearch
  damerau-levenshtein (~> 1.1)
  httpclient (~> 2.8.2.4)
  pry

BUNDLED WITH
   1.14.3
